GIT
  remote: https://github.com/Virtualmaster/nexmo.git
  revision: 95620679c561e788405cf205d2e70c8f9e0a7e87
  specs:
    nexmo (0.4.1)
      json (~> 1.5)

GEM
  remote: https://rubygems.org/
  specs:
    addressable (2.3.2)
    crack (0.3.1)
    diff-lcs (1.1.3)
    ffi (1.1.5)
    guard (1.2.3)
      listen (>= 0.4.2)
      thor (>= 0.14.6)
    guard-rspec (1.1.0)
      guard (>= 1.1)
    guard-spork (1.0.1)
      guard (>= 1.0.0)
      spork (>= 0.8.4)
    json (1.7.5)
    listen (0.4.7)
      rb-fchange (~> 0.0.5)
      rb-fsevent (~> 0.9.1)
      rb-inotify (~> 0.8.8)
    mixlib-cli (1.2.2)
    mock_redis (0.6.1)
    rake (0.9.2.2)
    rb-fchange (0.0.5)
      ffi
    rb-fsevent (0.9.1)
    rb-inotify (0.8.8)
      ffi (>= 0.5.0)
    rbeautify (0.0.7)
    redis (3.0.2)
    rspec (2.11.0)
      rspec-core (~> 2.11.0)
      rspec-expectations (~> 2.11.0)
      rspec-mocks (~> 2.11.0)
    rspec-core (2.11.1)
    rspec-expectations (2.11.2)
      diff-lcs (~> 1.1.3)
    rspec-mocks (2.11.2)
    sensu-plugin (0.1.4)
      json
      mixlib-cli (>= 1.1.0)
    spork (1.0.0rc3)
    thor (0.16.0)
    webmock (1.8.7)
      addressable (>= 2.2.7)
      crack (>= 0.1.7)
    xmpp4r (0.5)

PLATFORMS
  ruby

DEPENDENCIES
  guard
  guard-rspec
  guard-spork
  json
  mock_redis
  nexmo!
  rake
  rb-fsevent
  rbeautify
  redis
  rspec
  sensu-plugin
  spork (> 0.9.0.rc)
  webmock
  xmpp4r
