GEM
  remote: https://rubygems.org/
  specs:
    json (1.7.5)
    metaclass (0.0.1)
    minitest (2.12.1)
    mocha (0.12.7)
      metaclass (~> 0.0.1)
    rake (0.9.2.2)

PLATFORMS
  ruby

DEPENDENCIES
  json
  minitest (~> 2.12)
  mocha
  rake
